GEM
  remote: https://rubygems.org/
  specs:
    mustermann (1.0.3)
    rack (2.1.4)
    rack-protection (2.0.5)
      rack
    rack-test (1.1.0)
      rack (>= 1.0, < 3)
    sinatra (2.0.5)
      mustermann (~> 1.0)
      rack (~> 2.0)
      rack-protection (= 2.0.5)
      tilt (~> 2.0)
    tilt (2.0.9)

PLATFORMS
  ruby

DEPENDENCIES
  rack
  rack-test
  sinatra

BUNDLED WITH
   2.0.1
